{
	"Modality": "MR",
	"MagneticFieldStrength": 3,
	"ImagingFrequency": 123.257,
	"Manufacturer": "Siemens",
	"ManufacturersModelName": "TrioTim",
	"DeviceSerialNumber": "35045",
	"PatientPosition": "HFS",
	"SoftwareVersions": "syngo MR B15",
	"MRAcquisitionType": "3D",
	"SeriesDescription": "MPRAGE T1 COR",
	"ProtocolName": "MPRAGE T1 COR",
	"ScanningSequence": "GR\\IR",
	"SequenceVariant": "SP\\MP\\OSP",
	"ScanOptions": "IR",
	"SequenceName": "*tfl3d1_ns",
	"ImageType": ["ORIGINAL", "PRIMARY", "M", "NORM", "DIS2D"],
	"NonlinearGradientCorrection": true,
	"SeriesNumber": 5,
	"AcquisitionTime": "14:50:9.395000",
	"AcquisitionNumber": 1,
	"SliceThickness": 1,
	"SAR": 0.142321,
	"EchoTime": 0.00262,
	"RepetitionTime": 2,
	"InversionTime": 1,
	"FlipAngle": 8,
	"PartialFourier": 1,
	"BaseResolution": 256,
	"ShimSetting": [
		-6052,
		-29428,
		-3966,
		-260,
		77,
		-8,
		-218,
		29	],
	"TxRefAmp": 256.728,
	"PhaseResolution": 0.91,
	"ReceiveCoilName": "HeadMatrix",
	"CoilString": "C:HEA;HEP",
	"PulseSequenceDetails": "%SiemensSeq%\\tfl",
	"CoilCombinationMethod": "Adaptive Combine",
	"MatrixCoilMode": "SENSE",
	"PercentPhaseFOV": 71.875,
	"PercentSampling": 91,
	"PhaseEncodingSteps": 168,
	"AcquisitionMatrixPE": 167,
	"ReconMatrixPE": 184,
	"PixelBandwidth": 150,
	"DwellTime": 1.3e-05,
	"ImageOrientationPatientDICOM": [
		0.998986,
		0.0441775,
		0.0087265,
		0.0086,
		0.00305272,
		-0.999958	],
	"ImageOrientationText": "Cor>Sag(2.5)>Tra(-0.2)",
	"InPlanePhaseEncodingDirectionDICOM": "ROW",
	"ConversionSoftware": "dcm2niix",
	"ConversionSoftwareVersion": "v1.0.20220720"
}
