{
	"Modality": "MR",
	"MagneticFieldStrength": 3,
	"ImagingFrequency": 123.256424,
	"Manufacturer": "Siemens",
	"ManufacturersModelName": "TrioTim",
	"DeviceSerialNumber": "35045",
	"PatientPosition": "HFS",
	"SoftwareVersions": "syngo MR B15",
	"MRAcquisitionType": "2D",
	"SeriesDescription": "T2 TSE AX STEALTH",
	"ProtocolName": "T2 TSE AX STEALTH",
	"ScanningSequence": "SE",
	"SequenceVariant": "SK\\SP",
	"SequenceName": "*tse2d1rs13",
	"ImageType": ["ORIGINAL", "PRIMARY", "M", "NORM", "DIS2D"],
	"NonlinearGradientCorrection": true,
	"SeriesNumber": 4,
	"AcquisitionTime": "08:27:40.597500",
	"AcquisitionNumber": 1,
	"SliceThickness": 2.5,
	"SpacingBetweenSlices": 2.5,
	"SAR": 0.35632,
	"EchoTime": 0.115,
	"RepetitionTime": 6.86,
	"SpoilingState": true,
	"FlipAngle": 120,
	"PartialFourier": 1,
	"BaseResolution": 320,
	"ShimSetting": [
		-6049,
		-29144,
		-3785,
		659,
		-112,
		24,
		60,
		-143	],
	"TxRefAmp": 268.031,
	"PhaseResolution": 1,
	"ReceiveCoilName": "HeadMatrix",
	"CoilString": "T:HEA;HEP",
	"PulseSequenceDetails": "%SiemensSeq%\\tse",
	"RefLinesPE": 47,
	"CoilCombinationMethod": "Adaptive Combine",
	"MatrixCoilMode": "GRAPPA",
	"PercentPhaseFOV": 82.5,
	"PercentSampling": 100,
	"EchoTrainLength": 13,
	"PhaseEncodingSteps": 263,
	"AcquisitionMatrixPE": 264,
	"ReconMatrixPE": 264,
	"ParallelReductionFactorInPlane": 2,
	"PixelBandwidth": 210,
	"DwellTime": 7.4e-06,
	"PhaseEncodingDirection": "i",
	"SliceTiming": [
		89.5312,
		0,
		89.7344,
		0.19531,
		89.9297,
		0.39062,
		90.125,
		0.58594,
		90.3203,
		0.78125,
		90.5234,
		0.98438,
		90.7188,
		1.17969,
		90.9141,
		1.375,
		91.1094,
		1.57031,
		91.3047,
		1.76562,
		91.5,
		1.96875,
		91.7031,
		2.16406,
		91.8984,
		2.35938,
		92.0938,
		2.55469,
		92.2891,
		2.75,
		92.4844,
		2.95312,
		92.6875,
		3.14844,
		92.8828,
		3.34375,
		93.0781,
		3.53906,
		93.2734,
		3.73438,
		93.4688,
		3.92969,
		93.6641,
		4.13281,
		93.8672,
		4.32812,
		94.0625,
		4.52344,
		94.2578,
		4.71875,
		94.4531,
		4.91406,
		94.6562,
		5.11719,
		94.8516,
		5.3125,
		95.0469,
		5.50781,
		95.2422,
		5.70312,
		95.4375,
		5.89844,
		95.6328,
		6.09375,
		95.8359,
		6.29688,
		96.0312,
		6.49219,
		96.2266,
		6.6875	],
	"ImageOrientationPatientDICOM": [
		1,
		-1.82586e-10,
		9.34338e-11,
		2.05103e-10,
		0.890213,
		-0.455545	],
	"ImageOrientationText": "Tra>Cor(-27.1)",
	"InPlanePhaseEncodingDirectionDICOM": "ROW",
	"ConversionSoftware": "dcm2niix",
	"ConversionSoftwareVersion": "v1.0.20230411"
}
