{
	"Modality": "MR",
	"MagneticFieldStrength": 3,
	"ImagingFrequency": 123.171,
	"Manufacturer": "Siemens",
	"ManufacturersModelName": "Verio",
	"DeviceSerialNumber": "40160",
	"PatientPosition": "HFS",
	"SoftwareVersions": "syngo MR B17",
	"MRAcquisitionType": "3D",
	"SeriesDescription": "t1_mpr_sag_p2_iso_0.9",
	"ProtocolName": "t1_mpr_sag_p2_iso_0.9",
	"ScanningSequence": "GR\\IR",
	"SequenceVariant": "SP\\MP\\OSP",
	"ScanOptions": "IR",
	"SequenceName": "*tfl3d1_ns",
	"ImageType": ["ORIGINAL", "PRIMARY", "M", "ND", "NORM"],
	"NonlinearGradientCorrection": false,
	"SeriesNumber": 2,
	"AcquisitionTime": "06:30:31.277500",
	"AcquisitionNumber": 1,
	"SliceThickness": 0.9,
	"SAR": 0.0695264,
	"EchoTime": 0.00232,
	"RepetitionTime": 1.7,
	"InversionTime": 0.9,
	"FlipAngle": 9,
	"PartialFourier": 1,
	"Interpolation2D": 1,
	"BaseResolution": 256,
	"ShimSetting": [
		3782,
		-14366,
		-2403,
		34,
		49,
		-152,
		347,
		40	],
	"TxRefAmp": 462.91,
	"PhaseResolution": 1,
	"PhaseOversampling": 0.5,
	"ReceiveCoilName": "32Ch_Head",
	"CoilString": "C:HEA;HEP",
	"PulseSequenceDetails": "%SiemensSeq%\\tfl",
	"RefLinesPE": 24,
	"CoilCombinationMethod": "Adaptive Combine",
	"MatrixCoilMode": "GRAPPA",
	"PercentPhaseFOV": 100,
	"PercentSampling": 100,
	"PhaseEncodingSteps": 383,
	"AcquisitionMatrixPE": 256,
	"ReconMatrixPE": 512,
	"ParallelReductionFactorInPlane": 2,
	"PixelBandwidth": 199,
	"DwellTime": 9.8e-06,
	"ImageOrientationPatientDICOM": [
		0.0541433,
		0.998533,
		-4.92731e-08,
		-0.0609233,
		0.00330339,
		-0.998137	],
	"ImageOrientationText": "Sag>Tra(3.5)>Cor(3.1)",
	"InPlanePhaseEncodingDirectionDICOM": "ROW",
	"ConversionSoftware": "dcm2niix",
	"ConversionSoftwareVersion": "v1.0.20220720"
}
