{
	"Modality": "MR",
	"MagneticFieldStrength": 1.5,
	"ImagingFrequency": 63.6168,
	"Manufacturer": "Siemens",
	"ManufacturersModelName": "Avanto",
	"DeviceSerialNumber": "27102",
	"PatientPosition": "HFS",
	"SoftwareVersions": "syngo MR B17",
	"MRAcquisitionType": "3D",
	"SeriesDescription": "t1_mpr_ns_sag_p2_iso",
	"ProtocolName": "t1_mpr_ns_sag_p2_iso",
	"ScanningSequence": "GR\\IR",
	"SequenceVariant": "SP\\MP",
	"ScanOptions": "IR",
	"SequenceName": "*tfl3d1_ns",
	"ImageType": ["ORIGINAL", "PRIMARY", "M", "ND", "NORM"],
	"NonlinearGradientCorrection": false,
	"SeriesNumber": 3,
	"AcquisitionTime": "14:13:20.940000",
	"AcquisitionNumber": 1,
	"SliceThickness": 1,
	"SAR": 0.0750262,
	"EchoTime": 0.00278,
	"RepetitionTime": 1.9,
	"InversionTime": 1.1,
	"FlipAngle": 15,
	"PartialFourier": 1,
	"BaseResolution": 256,
	"ShimSetting": [
		-81,
		-80,
		-54,
		147,
		138,
		143,
		-49,
		-31	],
	"TxRefAmp": 213.531,
	"PhaseResolution": 1,
	"ReceiveCoilName": "NeckMatrix",
	"CoilString": "T:HE1-4;NE2;SP1",
	"PulseSequenceDetails": "%SiemensSeq%\\tfl",
	"RefLinesPE": 24,
	"CoilCombinationMethod": "Adaptive Combine",
	"MatrixCoilMode": "GRAPPA",
	"PercentPhaseFOV": 90.625,
	"PercentSampling": 100,
	"PhaseEncodingSteps": 231,
	"AcquisitionMatrixPE": 232,
	"ReconMatrixPE": 232,
	"ParallelReductionFactorInPlane": 2,
	"PixelBandwidth": 140,
	"DwellTime": 1.4e-05,
	"ImageOrientationPatientDICOM": [
		-0.0861589,
		0.996281,
		-3.35499e-08,
		0.0613604,
		0.00530644,
		-0.998102	],
	"ImageOrientationText": "Sag>Cor(-4.9)>Tra(-3.5)",
	"InPlanePhaseEncodingDirectionDICOM": "ROW",
	"ConversionSoftware": "dcm2niix",
	"ConversionSoftwareVersion": "v1.0.20220720"
}
