{
	"Modality": "MR",
	"MagneticFieldStrength": 3,
	"ImagingFrequency": 123.256591,
	"Manufacturer": "Siemens",
	"ManufacturersModelName": "TrioTim",
	"DeviceSerialNumber": "35045",
	"PatientPosition": "HFS",
	"SoftwareVersions": "syngo MR B17",
	"MRAcquisitionType": "2D",
	"SeriesDescription": "act_ep2d_bold_functional_con 2",
	"ProtocolName": "act_ep2d_bold_functional_con 2",
	"ScanningSequence": "EP",
	"SequenceVariant": "SK",
	"ScanOptions": "FS",
	"SequenceName": "*epfid2d1_64",
	"ImageType": ["ORIGINAL", "PRIMARY", "FMRI", "NONE", "ND", "NORM", "MOSAIC"],
	"NonlinearGradientCorrection": false,
	"SeriesNumber": 25,
	"AcquisitionTime": "18:09:8.942500",
	"AcquisitionNumber": 1,
	"SliceThickness": 4,
	"SpacingBetweenSlices": 4,
	"SAR": 0.144745,
	"EchoTime": 0.025,
	"RepetitionTime": 2.07,
	"FlipAngle": 90,
	"PartialFourier": 1,
	"BaseResolution": 64,
	"ShimSetting": [
		-6053,
		-29345,
		-3593,
		301,
		-221,
		292,
		-85,
		-65	],
	"TxRefAmp": 301.585,
	"PhaseResolution": 1,
	"ReceiveCoilName": "HeadMatrix",
	"CoilString": "t:HEA;HEP",
	"PulseSequenceDetails": "%SiemensSeq%\\ep2d_bold",
	"CoilCombinationMethod": "Sum of Squares",
	"MatrixCoilMode": "SENSE",
	"PercentPhaseFOV": 100,
	"PercentSampling": 100,
	"PhaseEncodingSteps": 64,
	"AcquisitionMatrixPE": 64,
	"ReconMatrixPE": 64,
	"BandwidthPerPixelPhaseEncode": 34.722,
	"EffectiveEchoSpacing": 0.000450003,
	"DerivedVendorReportedEchoSpacing": 0.000450003,
	"TotalReadoutTime": 0.0283502,
	"PixelBandwidth": 2604,
	"DwellTime": 3e-06,
	"PhaseEncodingDirection": "j-",
	"SliceTiming": [
		1.0375,
		0,
		1.095,
		0.0575,
		1.1525,
		0.115,
		1.21,
		0.1725,
		1.2675,
		0.23,
		1.3275,
		0.2875,
		1.385,
		0.345,
		1.4425,
		0.4025,
		1.5,
		0.46,
		1.5575,
		0.5175,
		1.615,
		0.575,
		1.6725,
		0.635,
		1.73,
		0.6925,
		1.7875,
		0.75,
		1.845,
		0.8075,
		1.9025,
		0.865,
		1.9625,
		0.9225,
		2.02,
		0.98	],
	"ImageOrientationPatientDICOM": [
		1,
		0,
		0,
		0,
		1,
		0	],
	"ImageOrientationText": "Tra",
	"InPlanePhaseEncodingDirectionDICOM": "COL",
	"ConversionSoftware": "dcm2niix",
	"ConversionSoftwareVersion": "v1.0.20230411"
}
