{
	"Modality": "MR",
	"MagneticFieldStrength": 3,
	"ImagingFrequency": 123.256714,
	"Manufacturer": "Siemens",
	"ManufacturersModelName": "TrioTim",
	"DeviceSerialNumber": "35045",
	"PatientPosition": "HFS",
	"SoftwareVersions": "syngo MR B15",
	"MRAcquisitionType": "2D",
	"SeriesDescription": "T2 TSE AX STEALTH",
	"ProtocolName": "T2 TSE AX STEALTH",
	"ScanningSequence": "SE",
	"SequenceVariant": "SK\\SP",
	"SequenceName": "*tse2d1rs13",
	"ImageType": ["ORIGINAL", "PRIMARY", "M", "NORM", "DIS2D"],
	"NonlinearGradientCorrection": true,
	"SeriesNumber": 5,
	"AcquisitionTime": "17:19:48.195000",
	"AcquisitionNumber": 1,
	"SliceThickness": 2.5,
	"SpacingBetweenSlices": 2.5,
	"SAR": 0.148924,
	"EchoTime": 0.115,
	"RepetitionTime": 9,
	"SpoilingState": true,
	"FlipAngle": 120,
	"PartialFourier": 1,
	"BaseResolution": 256,
	"ShimSetting": [
		-6019,
		-29411,
		-3632,
		565,
		133,
		79,
		-60,
		-150	],
	"TxRefAmp": 271.82,
	"PhaseResolution": 1,
	"ReceiveCoilName": "HeadMatrix",
	"CoilString": "T:HEA;HEP",
	"PulseSequenceDetails": "%SiemensSeq%\\tse",
	"RefLinesPE": 30,
	"CoilCombinationMethod": "Adaptive Combine",
	"MatrixCoilMode": "GRAPPA",
	"PercentPhaseFOV": 100,
	"PercentSampling": 100,
	"EchoTrainLength": 13,
	"PhaseEncodingSteps": 255,
	"AcquisitionMatrixPE": 256,
	"ReconMatrixPE": 256,
	"ParallelReductionFactorInPlane": 2,
	"PixelBandwidth": 210,
	"DwellTime": 9.2e-06,
	"PhaseEncodingDirection": "i",
	"SliceTiming": [
		68.4219,
		0,
		68.6875,
		0.25,
		68.9375,
		0.51562,
		69.2031,
		0.76562,
		69.4688,
		1.03125,
		69.7188,
		1.28125,
		69.9844,
		1.54688,
		70.2344,
		1.79688,
		70.5,
		2.0625,
		70.75,
		2.3125,
		71.0156,
		2.57812,
		71.2656,
		2.82812,
		71.5312,
		3.09375,
		71.7812,
		3.35938,
		72.0469,
		3.60938,
		72.2969,
		3.85938,
		72.5625,
		4.125,
		72.8125,
		4.39062,
		73.0781,
		4.64062,
		73.3281,
		4.90625,
		73.5938,
		5.15625,
		73.8438,
		5.42188,
		74.1094,
		5.67188,
		74.3594,
		5.9375,
		74.625,
		6.1875,
		74.875,
		6.45312,
		75.1406,
		6.70312,
		75.4062,
		6.96875,
		75.6562,
		7.21875,
		75.9219,
		7.48438,
		76.1719,
		7.73438,
		76.4375,
		8,
		76.6875,
		8.25,
		76.9531,
		8.51562,
		77.2031,
		8.76562	],
	"ImageOrientationPatientDICOM": [
		0.999048,
		-2.05103e-10,
		-0.0436194,
		2.04908e-10,
		1,
		-8.9465e-12	],
	"ImageOrientationText": "Tra>Sag(-2.5)",
	"InPlanePhaseEncodingDirectionDICOM": "ROW",
	"ConversionSoftware": "dcm2niix",
	"ConversionSoftwareVersion": "v1.0.20230411"
}
