{
	"Modality": "MR",
	"MagneticFieldStrength": 3,
	"ImagingFrequency": 123.257,
	"Manufacturer": "Siemens",
	"ManufacturersModelName": "TrioTim",
	"DeviceSerialNumber": "35045",
	"PatientPosition": "HFS",
	"SoftwareVersions": "syngo MR B15",
	"MRAcquisitionType": "3D",
	"SeriesDescription": "MPRAGE T1 SAGITTAL IPAT",
	"ProtocolName": "MPRAGE T1 SAGITTAL IPAT",
	"ScanningSequence": "GR\\IR",
	"SequenceVariant": "SP\\MP",
	"ScanOptions": "IR",
	"SequenceName": "*tfl3d1_ns",
	"ImageType": ["ORIGINAL", "PRIMARY", "M", "ND", "NORM"],
	"NonlinearGradientCorrection": false,
	"SeriesNumber": 2,
	"AcquisitionTime": "15:48:45.582500",
	"AcquisitionNumber": 1,
	"SliceThickness": 1,
	"SAR": 0.0957004,
	"EchoTime": 0.00292,
	"RepetitionTime": 2,
	"InversionTime": 1,
	"FlipAngle": 8,
	"PartialFourier": 1,
	"BaseResolution": 256,
	"ShimSetting": [
		-6056,
		-29428,
		-3961,
		-215,
		40,
		17,
		-123,
		25	],
	"TxRefAmp": 266.683,
	"PhaseResolution": 1,
	"ReceiveCoilName": "HeadMatrix",
	"PulseSequenceDetails": "%SiemensSeq%\\tfl",
	"RefLinesPE": 24,
	"CoilCombinationMethod": "Adaptive Combine",
	"MatrixCoilMode": "GRAPPA",
	"PercentPhaseFOV": 100,
	"PercentSampling": 100,
	"PhaseEncodingSteps": 255,
	"AcquisitionMatrixPE": 256,
	"ReconMatrixPE": 256,
	"ParallelReductionFactorInPlane": 2,
	"PixelBandwidth": 130,
	"ImageOrientationPatientDICOM": [
		0.00728198,
		0.999973,
		2.93115e-08,
		-0.0869238,
		0.000633024,
		-0.996215	],
	"InPlanePhaseEncodingDirectionDICOM": "ROW",
	"ConversionSoftware": "dcm2niix",
	"ConversionSoftwareVersion": "v1.0.20220720"
}
