{
	"Modality": "MR",
	"MagneticFieldStrength": 3,
	"ImagingFrequency": 123.256443,
	"Manufacturer": "Siemens",
	"ManufacturersModelName": "TrioTim",
	"DeviceSerialNumber": "35045",
	"PatientPosition": "HFS",
	"SoftwareVersions": "syngo MR B15",
	"MRAcquisitionType": "2D",
	"SeriesDescription": "act_ep2d_bold_functional_con",
	"ProtocolName": "act_ep2d_bold_functional_con",
	"ScanningSequence": "EP",
	"SequenceVariant": "SK",
	"ScanOptions": "FS",
	"SequenceName": "*epfid2d1_64",
	"ImageType": ["ORIGINAL", "PRIMARY", "M", "ND", "NORM", "MOSAIC"],
	"NonlinearGradientCorrection": false,
	"SeriesNumber": 9,
	"AcquisitionTime": "08:37:0.897500",
	"AcquisitionNumber": 1,
	"SliceThickness": 4,
	"SpacingBetweenSlices": 4,
	"SAR": 0.218126,
	"EchoTime": 0.025,
	"RepetitionTime": 2.07,
	"FlipAngle": 90,
	"PartialFourier": 1,
	"BaseResolution": 64,
	"ShimSetting": [
		-6042,
		-29154,
		-3834,
		672,
		-90,
		49,
		69,
		-164	],
	"TxRefAmp": 268.031,
	"PhaseResolution": 1,
	"ReceiveCoilName": "HeadMatrix",
	"CoilString": "t:HEA;HEP",
	"PulseSequenceDetails": "%SiemensSeq%\\ep2d_bold",
	"CoilCombinationMethod": "Sum of Squares",
	"MatrixCoilMode": "SENSE",
	"PercentPhaseFOV": 100,
	"PercentSampling": 100,
	"PhaseEncodingSteps": 64,
	"AcquisitionMatrixPE": 64,
	"ReconMatrixPE": 64,
	"BandwidthPerPixelPhaseEncode": 34.722,
	"EffectiveEchoSpacing": 0.000450003,
	"DerivedVendorReportedEchoSpacing": 0.000450003,
	"TotalReadoutTime": 0.0283502,
	"PixelBandwidth": 2605,
	"DwellTime": 3e-06,
	"PhaseEncodingDirection": "j-",
	"SliceTiming": [
		1.0375,
		0,
		1.0925,
		0.055,
		1.1475,
		0.11,
		1.2025,
		0.165,
		1.2575,
		0.2175,
		1.3125,
		0.2725,
		1.3675,
		0.3275,
		1.4225,
		0.3825,
		1.475,
		0.4375,
		1.53,
		0.4925,
		1.585,
		0.5475,
		1.64,
		0.6,
		1.695,
		0.655,
		1.75,
		0.71,
		1.805,
		0.765,
		1.86,
		0.82,
		1.9125,
		0.875,
		1.9675,
		0.93,
		2.0225,
		0.985	],
	"ImageOrientationPatientDICOM": [
		1,
		0,
		0,
		0,
		1,
		0	],
	"ImageOrientationText": "Tra",
	"InPlanePhaseEncodingDirectionDICOM": "COL",
	"ConversionSoftware": "dcm2niix",
	"ConversionSoftwareVersion": "v1.0.20230411"
}
