{
	"Modality": "MR",
	"MagneticFieldStrength": 3,
	"ImagingFrequency": 123.256786,
	"Manufacturer": "Siemens",
	"ManufacturersModelName": "TrioTim",
	"DeviceSerialNumber": "35045",
	"PatientPosition": "HFS",
	"SoftwareVersions": "syngo MR B15",
	"MRAcquisitionType": "2D",
	"SeriesDescription": "T2 TSE AX STEALTH",
	"ProtocolName": "T2 TSE AX STEALTH",
	"ScanningSequence": "SE",
	"SequenceVariant": "SK\\SP",
	"SequenceName": "*tse2d1rs13",
	"ImageType": ["ORIGINAL", "PRIMARY", "M", "NORM", "DIS2D"],
	"NonlinearGradientCorrection": true,
	"SeriesNumber": 4,
	"AcquisitionTime": "14:50:24.887500",
	"AcquisitionNumber": 1,
	"SliceThickness": 2.5,
	"SpacingBetweenSlices": 2.5,
	"SAR": 0.553093,
	"EchoTime": 0.109,
	"RepetitionTime": 7.14,
	"SpoilingState": true,
	"FlipAngle": 120,
	"PartialFourier": 1,
	"BaseResolution": 256,
	"ShimSetting": [
		-6007,
		-29541,
		-3651,
		462,
		118,
		-458,
		-49,
		-135	],
	"TxRefAmp": 265.689,
	"PhaseResolution": 1,
	"ReceiveCoilName": "HeadMatrix",
	"CoilString": "T:HEA;HEP",
	"PulseSequenceDetails": "%SiemensSeq%\\tse",
	"RefLinesPE": 30,
	"CoilCombinationMethod": "Adaptive Combine",
	"MatrixCoilMode": "GRAPPA",
	"PercentPhaseFOV": 100,
	"PercentSampling": 100,
	"EchoTrainLength": 13,
	"PhaseEncodingSteps": 255,
	"AcquisitionMatrixPE": 256,
	"ReconMatrixPE": 256,
	"ParallelReductionFactorInPlane": 2,
	"PixelBandwidth": 210,
	"DwellTime": 9.2e-06,
	"PhaseEncodingDirection": "i",
	"SliceTiming": [
		86.0312,
		0,
		86.2344,
		0.20312,
		86.4375,
		0.42188,
		86.6406,
		0.625,
		86.8438,
		0.82812,
		87.0469,
		1.03125,
		87.2656,
		1.23438,
		87.4688,
		1.4375,
		87.6719,
		1.64062,
		87.875,
		1.84375,
		88.0781,
		2.04688,
		88.2812,
		2.26562,
		88.4844,
		2.46875,
		88.6875,
		2.67188,
		88.8906,
		2.875,
		89.0938,
		3.07812,
		89.3125,
		3.28125,
		89.5156,
		3.48438,
		89.7188,
		3.6875,
		89.9219,
		3.89062,
		90.125,
		4.09375,
		90.3281,
		4.3125,
		90.5312,
		4.51562,
		90.7344,
		4.71875,
		90.9531,
		4.92188,
		91.1562,
		5.125,
		91.3594,
		5.32812,
		91.5625,
		5.53125,
		91.7656,
		5.73438,
		91.9688,
		5.95312,
		92.1719,
		6.15625,
		92.375,
		6.35938,
		92.5781,
		6.5625,
		92.7812,
		6.76562,
		93,
		6.96875	],
	"ImageOrientationPatientDICOM": [
		1,
		-2.05103e-10,
		0,
		2.05103e-10,
		1,
		0	],
	"ImageOrientationText": "Tra",
	"InPlanePhaseEncodingDirectionDICOM": "ROW",
	"ConversionSoftware": "dcm2niix",
	"ConversionSoftwareVersion": "v1.0.20230411"
}
