{
	"Modality": "MR",
	"MagneticFieldStrength": 3,
	"ImagingFrequency": 123.256617,
	"Manufacturer": "Siemens",
	"ManufacturersModelName": "TrioTim",
	"DeviceSerialNumber": "35045",
	"PatientPosition": "HFS",
	"SoftwareVersions": "syngo MR B17",
	"MRAcquisitionType": "2D",
	"SeriesDescription": "TRA T2 1X1X2 STEALTH",
	"ProtocolName": "TRA T2 1X1X2 STEALTH",
	"ScanningSequence": "SE",
	"SequenceVariant": "SK\\SP\\OSP",
	"SequenceName": "*tse2d1_18",
	"ImageType": ["ORIGINAL", "PRIMARY", "M", "NORM", "DIS2D"],
	"NonlinearGradientCorrection": true,
	"SeriesNumber": 24,
	"AcquisitionTime": "15:36:37.562500",
	"AcquisitionNumber": 1,
	"SliceThickness": 2,
	"SpacingBetweenSlices": 2,
	"SAR": 0.835651,
	"EchoTime": 0.093,
	"RepetitionTime": 5.25,
	"SpoilingState": true,
	"FlipAngle": 150,
	"PartialFourier": 1,
	"BaseResolution": 256,
	"ShimSetting": [
		-6060,
		-29403,
		-3938,
		-109,
		45,
		44,
		-6,
		10	],
	"TxRefAmp": 290.548,
	"PhaseResolution": 1,
	"PhaseOversampling": 0.5,
	"ReceiveCoilName": "HeadMatrix",
	"CoilString": "d:HEA;HEP",
	"PulseSequenceDetails": "%SiemensSeq%\\tse",
	"RefLinesPE": 47,
	"CoilCombinationMethod": "Adaptive Combine",
	"MatrixCoilMode": "GRAPPA",
	"PercentPhaseFOV": 100,
	"PercentSampling": 100,
	"EchoTrainLength": 18,
	"PhaseEncodingSteps": 383,
	"AcquisitionMatrixPE": 256,
	"ReconMatrixPE": 256,
	"ParallelReductionFactorInPlane": 2,
	"PixelBandwidth": 219,
	"DwellTime": 8.9e-06,
	"PhaseEncodingDirection": "i",
	"SliceTiming": [
		0,
		68.5312,
		97.0469,
		0.17188,
		68.7031,
		97.2344,
		0.35938,
		68.8906,
		97.4062,
		0.53125,
		69.0625,
		97.5938,
		0.70312,
		69.25,
		97.7812,
		0.875,
		69.4375,
		97.9531,
		1.0625,
		69.6094,
		98.1406,
		1.23438,
		69.7969,
		98.3281,
		1.40625,
		69.9844,
		98.5,
		1.57812,
		70.1562,
		98.6875,
		1.75,
		70.3438,
		98.875,
		1.9375,
		70.5312,
		99.0469,
		2.10938,
		70.7031,
		99.2344,
		2.28125,
		70.8906,
		99.4062,
		2.45312,
		71.0625,
		99.5938,
		2.64062,
		71.25,
		99.7812,
		2.8125,
		71.4375,
		99.9531,
		2.98438,
		71.6094,
		100.141,
		3.15625,
		71.7969,
		100.312,
		3.34375,
		71.9844,
		100.5,
		3.51562,
		72.1562,
		100.688,
		3.6875,
		72.3438,
		100.859,
		3.875,
		72.5156,
		101.047,
		4.04688,
		72.7031,
		101.234,
		4.21875,
		72.8906,
		101.406,
		4.39062,
		73.0625,
		101.594,
		4.5625,
		73.25,
		101.781,
		4.75,
		73.4375,
		101.953,
		4.92188,
		73.6094,
		102.141,
		5.09375	],
	"ImageOrientationPatientDICOM": [
		1,
		-2.05103e-10,
		0,
		2.05103e-10,
		1,
		0	],
	"ImageOrientationText": "Tra",
	"InPlanePhaseEncodingDirectionDICOM": "ROW",
	"ConversionSoftware": "dcm2niix",
	"ConversionSoftwareVersion": "v1.0.20230411"
}
