{
	"Modality": "MR",
	"MagneticFieldStrength": 3,
	"ImagingFrequency": 123.256739,
	"Manufacturer": "Siemens",
	"ManufacturersModelName": "TrioTim",
	"DeviceSerialNumber": "35045",
	"PatientPosition": "HFS",
	"SoftwareVersions": "syngo MR B15",
	"MRAcquisitionType": "2D",
	"SeriesDescription": "T2 TSE AX STEALTH",
	"ProtocolName": "T2 TSE AX STEALTH",
	"ScanningSequence": "SE",
	"SequenceVariant": "SK\\SP",
	"SequenceName": "*tse2d1rs13",
	"ImageType": ["ORIGINAL", "PRIMARY", "M", "NORM", "DIS2D"],
	"NonlinearGradientCorrection": true,
	"SeriesNumber": 55,
	"AcquisitionTime": "09:01:43.327500",
	"AcquisitionNumber": 1,
	"SliceThickness": 2.5,
	"SpacingBetweenSlices": 2.5,
	"SAR": 0.640519,
	"EchoTime": 0.109,
	"RepetitionTime": 5.47,
	"SpoilingState": true,
	"FlipAngle": 120,
	"PartialFourier": 1,
	"BaseResolution": 256,
	"ShimSetting": [
		-6059,
		-29663,
		-3538,
		599,
		85,
		43,
		34,
		19	],
	"TxRefAmp": 271.486,
	"PhaseResolution": 1,
	"ReceiveCoilName": "HeadMatrix",
	"CoilString": "T:HEA;HEP",
	"PulseSequenceDetails": "%SiemensSeq%\\tse",
	"RefLinesPE": 43,
	"CoilCombinationMethod": "Adaptive Combine",
	"MatrixCoilMode": "GRAPPA",
	"PercentPhaseFOV": 84.375,
	"PercentSampling": 100,
	"EchoTrainLength": 13,
	"PhaseEncodingSteps": 215,
	"AcquisitionMatrixPE": 216,
	"ReconMatrixPE": 216,
	"ParallelReductionFactorInPlane": 2,
	"PixelBandwidth": 210,
	"DwellTime": 9.2e-06,
	"PhaseEncodingDirection": "i",
	"SliceTiming": [
		0,
		60.4141,
		0.16406,
		60.5781,
		0.32812,
		60.7578,
		0.5,
		60.9297,
		0.66406,
		61.0938,
		0.82812,
		61.2656,
		1,
		61.4375,
		1.16406,
		61.6094,
		1.32812,
		61.7812,
		1.5,
		61.9531,
		1.66406,
		62.125,
		1.82812,
		62.2969,
		2,
		62.4688,
		2.16406,
		62.6406,
		2.32812,
		62.8125,
		2.49219,
		62.9844,
		2.66406,
		63.1562,
		2.82812,
		63.3281,
		2.99219,
		63.5,
		3.16406,
		63.6719,
		3.32812,
		63.8438,
		3.49219,
		64.0156,
		3.65625,
		64.1875,
		3.82812,
		64.3594,
		3.99219,
		64.5312,
		4.15625,
		64.7031,
		4.32812,
		64.875,
		4.49219,
		65.0469,
		4.65625,
		65.2188,
		4.82812,
		65.3906,
		4.99219,
		65.5625,
		5.15625,
		65.7344,
		5.32812	],
	"ImageOrientationPatientDICOM": [
		1,
		-2.05103e-10,
		0,
		2.05103e-10,
		1,
		0	],
	"ImageOrientationText": "Tra",
	"InPlanePhaseEncodingDirectionDICOM": "ROW",
	"ConversionSoftware": "dcm2niix",
	"ConversionSoftwareVersion": "v1.0.20230411"
}
