{
	"Modality": "MR",
	"MagneticFieldStrength": 3,
	"ImagingFrequency": 123.257,
	"Manufacturer": "Siemens",
	"ManufacturersModelName": "TrioTim",
	"DeviceSerialNumber": "35045",
	"PatientPosition": "HFS",
	"SoftwareVersions": "syngo MR B15",
	"MRAcquisitionType": "3D",
	"SeriesDescription": "MPRAGE T1 COR",
	"ProtocolName": "MPRAGE T1 COR",
	"ScanningSequence": "GR\\IR",
	"SequenceVariant": "SP\\MP\\OSP",
	"ScanOptions": "IR",
	"SequenceName": "*tfl3d1_ns",
	"ImageType": ["ORIGINAL", "PRIMARY", "M", "ND", "NORM"],
	"NonlinearGradientCorrection": false,
	"SeriesNumber": 2,
	"AcquisitionTime": "07:29:28.032500",
	"AcquisitionNumber": 1,
	"SliceThickness": 1,
	"SAR": 0.145187,
	"EchoTime": 0.00263,
	"RepetitionTime": 1.77,
	"InversionTime": 1,
	"FlipAngle": 8,
	"PartialFourier": 1,
	"BaseResolution": 256,
	"ShimSetting": [
		-6067,
		-29649,
		-4004,
		27,
		13,
		27,
		-97,
		3	],
	"TxRefAmp": 269.326,
	"PhaseResolution": 1,
	"PhaseOversampling": 0.54,
	"ReceiveCoilName": "HeadMatrix",
	"CoilString": "C:HEA;HEP",
	"PulseSequenceDetails": "%SiemensSeq%\\tfl",
	"CoilCombinationMethod": "Adaptive Combine",
	"MatrixCoilMode": "SENSE",
	"PercentPhaseFOV": 71.875,
	"PercentSampling": 100,
	"PhaseEncodingSteps": 284,
	"AcquisitionMatrixPE": 184,
	"ReconMatrixPE": 184,
	"PixelBandwidth": 150,
	"DwellTime": 1.3e-05,
	"ImageOrientationPatientDICOM": [
		0.999186,
		0.0403471,
		1.74041e-10,
		-0.000916433,
		0.0226952,
		-0.999742	],
	"ImageOrientationText": "Cor>Sag(2.3)>Tra(-1.3)",
	"InPlanePhaseEncodingDirectionDICOM": "ROW",
	"ConversionSoftware": "dcm2niix",
	"ConversionSoftwareVersion": "v1.0.20220720"
}
