{
	"Modality": "MR",
	"MagneticFieldStrength": 3,
	"ImagingFrequency": 123.257125,
	"Manufacturer": "Siemens",
	"ManufacturersModelName": "TrioTim",
	"DeviceSerialNumber": "35045",
	"PatientPosition": "HFS",
	"SoftwareVersions": "syngo MR B13 4VB13A",
	"MRAcquisitionType": "2D",
	"SeriesDescription": "act_ep2d_bold_functional_con",
	"ProtocolName": "act_ep2d_bold_functional_con",
	"ScanningSequence": "EP",
	"SequenceVariant": "SK",
	"ScanOptions": "FS",
	"SequenceName": "*epfid2d1_64",
	"ImageType": ["ORIGINAL", "PRIMARY", "M", "ND", "MOSAIC"],
	"NonlinearGradientCorrection": false,
	"SeriesNumber": 8,
	"AcquisitionTime": "17:04:49.912500",
	"AcquisitionNumber": 1,
	"SliceThickness": 4,
	"SpacingBetweenSlices": 4,
	"SAR": 0.387312,
	"EchoTime": 0.025,
	"RepetitionTime": 2.07,
	"FlipAngle": 90,
	"PartialFourier": 1,
	"BaseResolution": 64,
	"ShimSetting": [
		-5972,
		-29699,
		-3484,
		635,
		202,
		-842,
		-524,
		-49	],
	"TxRefAmp": 269.228,
	"PhaseResolution": 1,
	"ReceiveCoilName": "HeadMatrix",
	"CoilString": "t:HEA;HEP",
	"PulseSequenceDetails": "%SiemensSeq%\\ep2d_bold",
	"CoilCombinationMethod": "Adaptive Combine",
	"MatrixCoilMode": "SENSE",
	"PercentPhaseFOV": 100,
	"PercentSampling": 100,
	"PhaseEncodingSteps": 64,
	"AcquisitionMatrixPE": 64,
	"ReconMatrixPE": 64,
	"BandwidthPerPixelPhaseEncode": 34.722,
	"EffectiveEchoSpacing": 0.000450003,
	"DerivedVendorReportedEchoSpacing": 0.000450003,
	"TotalReadoutTime": 0.0283502,
	"PixelBandwidth": 2605,
	"DwellTime": 3e-06,
	"PhaseEncodingDirection": "j-",
	"SliceTiming": [
		1.035,
		0,
		1.0925,
		0.0575,
		1.15,
		0.115,
		1.2075,
		0.1725,
		1.265,
		0.23,
		1.3225,
		0.2875,
		1.38,
		0.345,
		1.4375,
		0.4025,
		1.495,
		0.46,
		1.5525,
		0.5175,
		1.61,
		0.575,
		1.6675,
		0.6325,
		1.725,
		0.69,
		1.7825,
		0.7475,
		1.84,
		0.805,
		1.8975,
		0.8625,
		1.955,
		0.92,
		2.0125,
		0.9775	],
	"ImageOrientationPatientDICOM": [
		1,
		0,
		0,
		0,
		1,
		0	],
	"ImageOrientationText": "Tra",
	"InPlanePhaseEncodingDirectionDICOM": "COL",
	"ConversionSoftware": "dcm2niix",
	"ConversionSoftwareVersion": "v1.0.20230411"
}
