{
	"Modality": "MR",
	"MagneticFieldStrength": 3,
	"ImagingFrequency": 123.25659,
	"Manufacturer": "Siemens",
	"ManufacturersModelName": "TrioTim",
	"DeviceSerialNumber": "35045",
	"PatientPosition": "HFS",
	"SoftwareVersions": "syngo MR B17",
	"MRAcquisitionType": "2D",
	"SeriesDescription": "T2 TSE AX STEALTH",
	"ProtocolName": "T2 TSE AX STEALTH",
	"ScanningSequence": "SE",
	"SequenceVariant": "SK\\SP",
	"SequenceName": "*tse2d1rs13",
	"ImageType": ["ORIGINAL", "PRIMARY", "M", "NORM", "DIS2D"],
	"NonlinearGradientCorrection": true,
	"SeriesNumber": 20,
	"AcquisitionTime": "17:59:21.217500",
	"AcquisitionNumber": 1,
	"SliceThickness": 2.5,
	"SpacingBetweenSlices": 2.5,
	"SAR": 0.174154,
	"EchoTime": 0.115,
	"RepetitionTime": 9,
	"SpoilingState": true,
	"FlipAngle": 120,
	"PartialFourier": 1,
	"BaseResolution": 256,
	"ShimSetting": [
		-6056,
		-29369,
		-3589,
		326,
		-108,
		170,
		-9,
		-26	],
	"TxRefAmp": 300.093,
	"PhaseResolution": 1,
	"ReceiveCoilName": "HeadMatrix",
	"CoilString": "T:HEA;HEP",
	"PulseSequenceDetails": "%SiemensSeq%\\tse",
	"RefLinesPE": 30,
	"CoilCombinationMethod": "Adaptive Combine",
	"MatrixCoilMode": "GRAPPA",
	"PercentPhaseFOV": 100,
	"PercentSampling": 100,
	"EchoTrainLength": 13,
	"PhaseEncodingSteps": 255,
	"AcquisitionMatrixPE": 256,
	"ReconMatrixPE": 256,
	"ParallelReductionFactorInPlane": 2,
	"PixelBandwidth": 212,
	"DwellTime": 9.2e-06,
	"PhaseEncodingDirection": "i",
	"SliceTiming": [
		68.4375,
		0,
		68.6719,
		0.23438,
		68.9062,
		0.48438,
		69.1562,
		0.71875,
		69.3906,
		0.95312,
		69.625,
		1.1875,
		69.8594,
		1.42188,
		70.0938,
		1.67188,
		70.3438,
		1.90625,
		70.5781,
		2.14062,
		70.8125,
		2.375,
		71.0469,
		2.625,
		71.2969,
		2.85938,
		71.5312,
		3.09375,
		71.7656,
		3.32812,
		72,
		3.5625,
		72.2344,
		3.8125,
		72.4844,
		4.04688,
		72.7188,
		4.28125,
		72.9531,
		4.51562,
		73.1875,
		4.76562,
		73.4375,
		5,
		73.6719,
		5.23438,
		73.9062,
		5.46875,
		74.1406,
		5.71875,
		74.375,
		5.95312,
		74.625,
		6.1875,
		74.8594,
		6.42188,
		75.0938,
		6.65625,
		75.3281,
		6.90625,
		75.5781,
		7.14062,
		75.8125,
		7.375,
		76.0469,
		7.60938,
		76.2812,
		7.84375,
		76.5156,
		8.09375,
		76.7656,
		8.32812,
		77,
		8.5625,
		77.2344,
		8.79688	],
	"ImageOrientationPatientDICOM": [
		1,
		-2.05103e-10,
		0,
		2.05103e-10,
		1,
		0	],
	"ImageOrientationText": "Tra",
	"InPlanePhaseEncodingDirectionDICOM": "ROW",
	"ConversionSoftware": "dcm2niix",
	"ConversionSoftwareVersion": "v1.0.20230411"
}
