{
	"Modality": "MR",
	"MagneticFieldStrength": 3,
	"ImagingFrequency": 123.256638,
	"Manufacturer": "Siemens",
	"ManufacturersModelName": "TrioTim",
	"DeviceSerialNumber": "35045",
	"PatientPosition": "HFS",
	"SoftwareVersions": "syngo MR B15",
	"MRAcquisitionType": "2D",
	"SeriesDescription": "T2 TSE AX STEALTH",
	"ProtocolName": "T2 TSE AX STEALTH",
	"ScanningSequence": "SE",
	"SequenceVariant": "SK\\SP",
	"SequenceName": "*tse2d1rs13",
	"ImageType": ["ORIGINAL", "PRIMARY", "M", "NORM", "DIS2D"],
	"NonlinearGradientCorrection": true,
	"SeriesNumber": 4,
	"AcquisitionTime": "10:13:40.160000",
	"AcquisitionNumber": 1,
	"SliceThickness": 2.5,
	"SpacingBetweenSlices": 2.5,
	"SAR": 0.390549,
	"EchoTime": 0.115,
	"RepetitionTime": 9,
	"SpoilingState": true,
	"FlipAngle": 120,
	"PartialFourier": 1,
	"BaseResolution": 256,
	"ShimSetting": [
		-6038,
		-29226,
		-3624,
		853,
		6,
		-780,
		204,
		-115	],
	"TxRefAmp": 262.109,
	"PhaseResolution": 1,
	"ReceiveCoilName": "HeadMatrix",
	"CoilString": "T:HEA;HEP",
	"PulseSequenceDetails": "%SiemensSeq%\\tse",
	"RefLinesPE": 30,
	"CoilCombinationMethod": "Adaptive Combine",
	"MatrixCoilMode": "GRAPPA",
	"PercentPhaseFOV": 100,
	"PercentSampling": 100,
	"EchoTrainLength": 13,
	"PhaseEncodingSteps": 255,
	"AcquisitionMatrixPE": 256,
	"ReconMatrixPE": 256,
	"ParallelReductionFactorInPlane": 2,
	"PixelBandwidth": 210,
	"DwellTime": 9.2e-06,
	"PhaseEncodingDirection": "i",
	"SliceTiming": [
		68.4297,
		0,
		68.6875,
		0.25781,
		68.9453,
		0.51562,
		69.2109,
		0.77344,
		69.4688,
		1.03125,
		69.7266,
		1.28906,
		69.9844,
		1.54688,
		70.2422,
		1.80469,
		70.5,
		2.0625,
		70.7578,
		2.32031,
		71.0156,
		2.57812,
		71.2734,
		2.83594,
		71.5312,
		3.10156,
		71.7891,
		3.35938,
		72.0469,
		3.61719,
		72.3047,
		3.86719,
		72.5625,
		4.13281,
		72.8203,
		4.39062,
		73.0781,
		4.64844,
		73.3359,
		4.90625,
		73.5938,
		5.16406,
		73.8594,
		5.42188,
		74.1172,
		5.67969,
		74.3672,
		5.9375,
		74.625,
		6.19531,
		74.8906,
		6.45312,
		75.1484,
		6.71094,
		75.4062,
		6.96875,
		75.6641,
		7.22656,
		75.9219,
		7.48438,
		76.1797,
		7.74219,
		76.4375,
		8,
		76.6953,
		8.25781,
		76.9531,
		8.51562,
		77.2109,
		8.78125	],
	"ImageOrientationPatientDICOM": [
		1,
		-2.05103e-10,
		0,
		2.05103e-10,
		1,
		0	],
	"ImageOrientationText": "Tra",
	"InPlanePhaseEncodingDirectionDICOM": "ROW",
	"ConversionSoftware": "dcm2niix",
	"ConversionSoftwareVersion": "v1.0.20230411"
}
