{
	"Modality": "MR",
	"MagneticFieldStrength": 3,
	"ImagingFrequency": 123.256776,
	"Manufacturer": "Siemens",
	"ManufacturersModelName": "TrioTim",
	"DeviceSerialNumber": "35045",
	"PatientPosition": "HFS",
	"SoftwareVersions": "syngo MR B15",
	"MRAcquisitionType": "2D",
	"SeriesDescription": "T2 TSE AX STEALTH",
	"ProtocolName": "T2 TSE AX STEALTH",
	"ScanningSequence": "SE",
	"SequenceVariant": "SK\\SP",
	"SequenceName": "*tse2d1rs13",
	"ImageType": ["ORIGINAL", "PRIMARY", "M", "NORM", "DIS2D"],
	"NonlinearGradientCorrection": true,
	"SeriesNumber": 4,
	"AcquisitionTime": "13:46:52.880000",
	"AcquisitionNumber": 1,
	"SliceThickness": 2.5,
	"SpacingBetweenSlices": 2.5,
	"SAR": 0.326851,
	"EchoTime": 0.115,
	"RepetitionTime": 9,
	"SpoilingState": true,
	"FlipAngle": 120,
	"PartialFourier": 1,
	"BaseResolution": 256,
	"ShimSetting": [
		-6102,
		-29321,
		-3558,
		198,
		-40,
		441,
		-154,
		-66	],
	"TxRefAmp": 266.761,
	"PhaseResolution": 1,
	"ReceiveCoilName": "HeadMatrix",
	"CoilString": "T:HEA;HEP",
	"PulseSequenceDetails": "%SiemensSeq%\\tse",
	"RefLinesPE": 30,
	"CoilCombinationMethod": "Adaptive Combine",
	"MatrixCoilMode": "GRAPPA",
	"PercentPhaseFOV": 100,
	"PercentSampling": 100,
	"EchoTrainLength": 13,
	"PhaseEncodingSteps": 255,
	"AcquisitionMatrixPE": 256,
	"ReconMatrixPE": 256,
	"ParallelReductionFactorInPlane": 2,
	"PixelBandwidth": 210,
	"DwellTime": 9.2e-06,
	"PhaseEncodingDirection": "i",
	"SliceTiming": [
		68.4375,
		0,
		68.7031,
		0.26562,
		68.9531,
		0.53125,
		69.2188,
		0.78125,
		69.4688,
		1.04688,
		69.7344,
		1.29688,
		69.9844,
		1.5625,
		70.25,
		1.8125,
		70.5,
		2.07812,
		70.7656,
		2.32812,
		71.0156,
		2.59375,
		71.2812,
		2.84375,
		71.5469,
		3.10938,
		71.7969,
		3.35938,
		72.0625,
		3.625,
		72.3125,
		3.875,
		72.5781,
		4.14062,
		72.8281,
		4.39062,
		73.0938,
		4.65625,
		73.3438,
		4.90625,
		73.6094,
		5.17188,
		73.8594,
		5.4375,
		74.125,
		5.6875,
		74.375,
		5.9375,
		74.6406,
		6.20312,
		74.8906,
		6.46875,
		75.1562,
		6.71875,
		75.4062,
		6.98438,
		75.6719,
		7.23438,
		75.9219,
		7.5,
		76.1875,
		7.75,
		76.4375,
		8.01562,
		76.7031,
		8.26562,
		76.9531,
		8.53125,
		77.2188,
		8.78125	],
	"ImageOrientationPatientDICOM": [
		1,
		-2.05103e-10,
		0,
		2.05103e-10,
		1,
		0	],
	"ImageOrientationText": "Tra",
	"InPlanePhaseEncodingDirectionDICOM": "ROW",
	"ConversionSoftware": "dcm2niix",
	"ConversionSoftwareVersion": "v1.0.20230411"
}
