{
	"Modality": "MR",
	"MagneticFieldStrength": 3,
	"ImagingFrequency": 123.256551,
	"Manufacturer": "Siemens",
	"ManufacturersModelName": "TrioTim",
	"DeviceSerialNumber": "35045",
	"PatientPosition": "HFS",
	"SoftwareVersions": "syngo MR B17",
	"MRAcquisitionType": "3D",
	"SeriesDescription": "MPRAGE_T1 _SAGITTAL",
	"ProtocolName": "MPRAGE_T1 _SAGITTAL",
	"ScanningSequence": "GR\\IR",
	"SequenceVariant": "SP\\MP\\OSP",
	"ScanOptions": "IR",
	"SequenceName": "*tfl3d1_ns",
	"ImageType": ["ORIGINAL", "PRIMARY", "M", "NORM", "DIS2D"],
	"NonlinearGradientCorrection": true,
	"SeriesNumber": 3,
	"AcquisitionTime": "16:20:0.987500",
	"AcquisitionNumber": 1,
	"SliceThickness": 1,
	"SAR": 0.0803809,
	"EchoTime": 0.00294,
	"RepetitionTime": 1.8,
	"InversionTime": 1,
	"FlipAngle": 8,
	"PartialFourier": 1,
	"Interpolation2D": 1,
	"BaseResolution": 256,
	"ShimSetting": [
		-6060,
		-29403,
		-3938,
		-109,
		45,
		44,
		-6,
		10	],
	"TxRefAmp": 270.85,
	"PhaseResolution": 0.91,
	"ReceiveCoilName": "HeadMatrix",
	"CoilString": "C:HEA;HEP",
	"PulseSequenceDetails": "%SiemensSeq%\\tfl",
	"CoilCombinationMethod": "Adaptive Combine",
	"MatrixCoilMode": "SENSE",
	"PercentPhaseFOV": 93.75,
	"PercentSampling": 91,
	"PhaseEncodingSteps": 219,
	"AcquisitionMatrixPE": 218,
	"ReconMatrixPE": 480,
	"PixelBandwidth": 130,
	"DwellTime": 1.5e-05,
	"ImageOrientationPatientDICOM": [
		0,
		1,
		-1e-16,
		-0.0819388,
		0,
		-0.996637	],
	"ImageOrientationText": "Sag>Tra(4.7)",
	"InPlanePhaseEncodingDirectionDICOM": "ROW",
	"ConversionSoftware": "dcm2niix",
	"ConversionSoftwareVersion": "v1.0.20230411"
}
