{
	"Modality": "MR",
	"MagneticFieldStrength": 3,
	"ImagingFrequency": 123.25662,
	"Manufacturer": "Siemens",
	"ManufacturersModelName": "TrioTim",
	"DeviceSerialNumber": "35045",
	"PatientPosition": "HFS",
	"SoftwareVersions": "syngo MR B15",
	"MRAcquisitionType": "2D",
	"SeriesDescription": "T2 TSE AX STEALTH",
	"ProtocolName": "T2 TSE AX STEALTH",
	"ScanningSequence": "SE",
	"SequenceVariant": "SK\\SP",
	"SequenceName": "*tse2d1rs13",
	"ImageType": ["ORIGINAL", "PRIMARY", "M", "NORM", "DIS2D"],
	"NonlinearGradientCorrection": true,
	"SeriesNumber": 3,
	"AcquisitionTime": "09:37:30.822500",
	"AcquisitionNumber": 1,
	"SliceThickness": 2.5,
	"SpacingBetweenSlices": 2.5,
	"SAR": 0.757821,
	"EchoTime": 0.109,
	"RepetitionTime": 7.14,
	"SpoilingState": true,
	"FlipAngle": 120,
	"PartialFourier": 1,
	"BaseResolution": 256,
	"ShimSetting": [
		-6151,
		-29641,
		-3582,
		457,
		-3,
		49,
		42,
		91	],
	"TxRefAmp": 298.37,
	"PhaseResolution": 1,
	"ReceiveCoilName": "HeadMatrix",
	"CoilString": "T:HEA;HEP",
	"PulseSequenceDetails": "%SiemensSeq%\\tse",
	"RefLinesPE": 30,
	"CoilCombinationMethod": "Adaptive Combine",
	"MatrixCoilMode": "GRAPPA",
	"PercentPhaseFOV": 100,
	"PercentSampling": 100,
	"EchoTrainLength": 13,
	"PhaseEncodingSteps": 255,
	"AcquisitionMatrixPE": 256,
	"ReconMatrixPE": 256,
	"ParallelReductionFactorInPlane": 2,
	"PixelBandwidth": 210,
	"DwellTime": 9.2e-06,
	"PhaseEncodingDirection": "i",
	"SliceTiming": [
		86.0234,
		0,
		86.2344,
		0.20312,
		86.4375,
		0.41406,
		86.6406,
		0.61719,
		86.8438,
		0.82031,
		87.0469,
		1.02344,
		87.25,
		1.23438,
		87.4609,
		1.4375,
		87.6641,
		1.64062,
		87.8672,
		1.84375,
		88.0703,
		2.04688,
		88.2812,
		2.25,
		88.4844,
		2.46094,
		88.6875,
		2.66406,
		88.8906,
		2.86719,
		89.1016,
		3.07031,
		89.3047,
		3.28125,
		89.5078,
		3.48438,
		89.7109,
		3.6875,
		89.9219,
		3.89062,
		90.1172,
		4.10156,
		90.3281,
		4.30469,
		90.5312,
		4.50781,
		90.7344,
		4.71094,
		90.9375,
		4.92188,
		91.1484,
		5.11719,
		91.3516,
		5.32812,
		91.5547,
		5.53125,
		91.7578,
		5.73438,
		91.9688,
		5.9375,
		92.1719,
		6.14844,
		92.375,
		6.35156,
		92.5781,
		6.55469,
		92.7891,
		6.75781,
		92.9844,
		6.96875	],
	"ImageOrientationPatientDICOM": [
		0.994861,
		0.0779734,
		-0.0645936,
		-0.0765504,
		0.996771,
		0.0242244	],
	"ImageOrientationText": "Tra>Sag(-3.8)>Cor(1.1)",
	"InPlanePhaseEncodingDirectionDICOM": "ROW",
	"ConversionSoftware": "dcm2niix",
	"ConversionSoftwareVersion": "v1.0.20230411"
}
