{
	"Modality": "MR",
	"MagneticFieldStrength": 3,
	"ImagingFrequency": 123.257,
	"Manufacturer": "Siemens",
	"ManufacturersModelName": "TrioTim",
	"DeviceSerialNumber": "35045",
	"PatientPosition": "HFS",
	"SoftwareVersions": "syngo MR B15",
	"MRAcquisitionType": "3D",
	"SeriesDescription": "MPRAGE T1 COR",
	"ProtocolName": "MPRAGE T1 COR",
	"ScanningSequence": "GR\\IR",
	"SequenceVariant": "SP\\MP\\OSP",
	"ScanOptions": "IR",
	"SequenceName": "*tfl3d1_ns",
	"ImageType": ["ORIGINAL", "PRIMARY", "M", "NORM", "DIS2D"],
	"NonlinearGradientCorrection": true,
	"SeriesNumber": 3,
	"AcquisitionTime": "08:04:27.392500",
	"AcquisitionNumber": 1,
	"SliceThickness": 1.04,
	"SAR": 0.184202,
	"EchoTime": 0.00262,
	"RepetitionTime": 2,
	"InversionTime": 1,
	"FlipAngle": 8,
	"PartialFourier": 1,
	"BaseResolution": 256,
	"ShimSetting": [
		-6052,
		-29428,
		-3966,
		-260,
		77,
		-8,
		-218,
		29	],
	"TxRefAmp": 272.37,
	"PhaseResolution": 0.91,
	"ReceiveCoilName": "HeadMatrix",
	"CoilString": "C:HEA;HEP",
	"PulseSequenceDetails": "%SiemensSeq%\\tfl",
	"CoilCombinationMethod": "Adaptive Combine",
	"MatrixCoilMode": "SENSE",
	"PercentPhaseFOV": 81.25,
	"PercentSampling": 91,
	"PhaseEncodingSteps": 190,
	"AcquisitionMatrixPE": 189,
	"ReconMatrixPE": 208,
	"PixelBandwidth": 150,
	"DwellTime": 1.3e-05,
	"ImageOrientationPatientDICOM": [
		0.998478,
		-0.044096,
		0.0331137,
		0.0352463,
		0.0484958,
		-0.998201	],
	"ImageOrientationText": "Cor>Tra(-2.9)>Sag(-2.4)",
	"InPlanePhaseEncodingDirectionDICOM": "ROW",
	"ConversionSoftware": "dcm2niix",
	"ConversionSoftwareVersion": "v1.0.20220720"
}
