{
	"Modality": "MR",
	"MagneticFieldStrength": 3,
	"ImagingFrequency": 123.257,
	"Manufacturer": "Siemens",
	"ManufacturersModelName": "TrioTim",
	"DeviceSerialNumber": "35045",
	"PatientPosition": "HFS",
	"SoftwareVersions": "syngo MR B15",
	"MRAcquisitionType": "3D",
	"SeriesDescription": "MPRAGE T1 COR",
	"ProtocolName": "MPRAGE T1 COR",
	"ScanningSequence": "GR\\IR",
	"SequenceVariant": "SP\\MP\\OSP",
	"ScanOptions": "IR",
	"SequenceName": "*tfl3d1_ns",
	"ImageType": ["ORIGINAL", "PRIMARY", "M", "ND", "NORM"],
	"NonlinearGradientCorrection": false,
	"SeriesNumber": 2,
	"AcquisitionTime": "13:35:33.017500",
	"AcquisitionNumber": 1,
	"SliceThickness": 1.04,
	"SAR": 0.0845813,
	"EchoTime": 0.00261,
	"RepetitionTime": 1.69,
	"InversionTime": 1,
	"FlipAngle": 8,
	"PartialFourier": 1,
	"BaseResolution": 256,
	"ShimSetting": [
		-6064,
		-29674,
		-3977,
		-128,
		63,
		38,
		-266,
		22	],
	"TxRefAmp": 274.051,
	"PhaseResolution": 0.91,
	"ReceiveCoilName": "HeadMatrix",
	"CoilString": "C:HEA;HEP",
	"PulseSequenceDetails": "%SiemensSeq%\\tfl",
	"CoilCombinationMethod": "Adaptive Combine",
	"MatrixCoilMode": "SENSE",
	"PercentPhaseFOV": 75,
	"PercentSampling": 91,
	"PhaseEncodingSteps": 175,
	"AcquisitionMatrixPE": 175,
	"ReconMatrixPE": 192,
	"PixelBandwidth": 150,
	"DwellTime": 1.3e-05,
	"ImageOrientationPatientDICOM": [
		0.995323,
		0.0651577,
		-0.071321,
		-0.0902661,
		0.364293,
		-0.926899	],
	"ImageOrientationText": "Cor>Tra(-21.6)>Sag(2.0)",
	"InPlanePhaseEncodingDirectionDICOM": "ROW",
	"ConversionSoftware": "dcm2niix",
	"ConversionSoftwareVersion": "v1.0.20220720"
}
