{
	"Modality": "MR",
	"MagneticFieldStrength": 3,
	"ImagingFrequency": 123.256616,
	"Manufacturer": "Siemens",
	"ManufacturersModelName": "TrioTim",
	"DeviceSerialNumber": "35045",
	"PatientPosition": "HFS",
	"SoftwareVersions": "syngo MR B17",
	"MRAcquisitionType": "3D",
	"SeriesDescription": "MPRAGE T1 COR",
	"ProtocolName": "MPRAGE T1 COR",
	"ScanningSequence": "GR\\IR",
	"SequenceVariant": "SP\\MP\\OSP",
	"ScanOptions": "IR",
	"SequenceName": "*tfl3d1_ns",
	"ImageType": ["ORIGINAL", "PRIMARY", "M", "NORM", "DIS2D"],
	"NonlinearGradientCorrection": true,
	"SeriesNumber": 3,
	"AcquisitionTime": "14:42:43.407500",
	"AcquisitionNumber": 1,
	"SliceThickness": 1,
	"SAR": 0.0790732,
	"EchoTime": 0.00294,
	"RepetitionTime": 1.8,
	"InversionTime": 1,
	"FlipAngle": 8,
	"PartialFourier": 1,
	"Interpolation2D": 1,
	"BaseResolution": 256,
	"ShimSetting": [
		-6060,
		-29403,
		-3938,
		-109,
		45,
		44,
		-6,
		10	],
	"TxRefAmp": 300.108,
	"PhaseResolution": 0.91,
	"ReceiveCoilName": "HeadMatrix",
	"CoilString": "C:HEA;HEP",
	"PulseSequenceDetails": "%SiemensSeq%\\tfl",
	"CoilCombinationMethod": "Adaptive Combine",
	"MatrixCoilMode": "SENSE",
	"PercentPhaseFOV": 75,
	"PercentSampling": 91,
	"PhaseEncodingSteps": 175,
	"AcquisitionMatrixPE": 175,
	"ReconMatrixPE": 384,
	"PixelBandwidth": 130,
	"DwellTime": 1.5e-05,
	"ImageOrientationPatientDICOM": [
		0.993418,
		-0.104412,
		0.0471065,
		0.0256533,
		-0.198001,
		-0.979866	],
	"ImageOrientationText": "Cor>Tra(11.3)>Sag(-6.4)",
	"InPlanePhaseEncodingDirectionDICOM": "ROW",
	"ConversionSoftware": "dcm2niix",
	"ConversionSoftwareVersion": "v1.0.20230411"
}
