{
	"Modality": "MR",
	"MagneticFieldStrength": 3,
	"ImagingFrequency": 123.257123,
	"Manufacturer": "Siemens",
	"ManufacturersModelName": "TrioTim",
	"DeviceSerialNumber": "35045",
	"PatientPosition": "HFS",
	"SoftwareVersions": "syngo MR B13 4VB13A",
	"MRAcquisitionType": "2D",
	"SeriesDescription": "T2 TSE AX STEALTH",
	"ProtocolName": "T2 TSE AX STEALTH",
	"ScanningSequence": "SE",
	"SequenceVariant": "SK\\SP\\OSP",
	"SequenceName": "*tse2d1rs13",
	"ImageType": ["ORIGINAL", "PRIMARY", "M", "ND", "NORM"],
	"NonlinearGradientCorrection": false,
	"SeriesNumber": 2,
	"AcquisitionTime": "16:49:40.067500",
	"AcquisitionNumber": 1,
	"SliceThickness": 2.5,
	"SpacingBetweenSlices": 2.5,
	"SAR": 1.20251,
	"EchoTime": 0.109,
	"RepetitionTime": 7.14,
	"SpoilingState": true,
	"FlipAngle": 120,
	"PartialFourier": 1,
	"BaseResolution": 256,
	"ShimSetting": [
		-5973,
		-29707,
		-3509,
		553,
		199,
		-880,
		-517,
		-59	],
	"TxRefAmp": 269.228,
	"PhaseResolution": 1,
	"ReceiveCoilName": "HeadMatrix",
	"CoilString": "T:HEA;HEP",
	"PulseSequenceDetails": "%SiemensSeq%\\tse",
	"RefLinesPE": 26,
	"CoilCombinationMethod": "Adaptive Combine",
	"MatrixCoilMode": "GRAPPA",
	"PercentPhaseFOV": 100,
	"PercentSampling": 100,
	"EchoTrainLength": 13,
	"PhaseEncodingSteps": 259,
	"AcquisitionMatrixPE": 256,
	"ReconMatrixPE": 256,
	"ParallelReductionFactorInPlane": 2,
	"PixelBandwidth": 210,
	"DwellTime": 9.2e-06,
	"PhaseEncodingDirection": "i",
	"SliceTiming": [
		86.0156,
		0,
		86.2188,
		0.20312,
		86.4375,
		0.40625,
		86.6406,
		0.60938,
		86.8438,
		0.8125,
		87.0469,
		1.01562,
		87.25,
		1.21875,
		87.4531,
		1.4375,
		87.6562,
		1.64062,
		87.8594,
		1.84375,
		88.0625,
		2.04688,
		88.2656,
		2.25,
		88.4844,
		2.45312,
		88.6875,
		2.65625,
		88.8906,
		2.85938,
		89.0938,
		3.0625,
		89.2969,
		3.26562,
		89.5,
		3.48438,
		89.7031,
		3.6875,
		89.9062,
		3.89062,
		90.1094,
		4.09375,
		90.3281,
		4.29688,
		90.5312,
		4.5,
		90.7344,
		4.70312,
		90.9375,
		4.90625,
		91.1406,
		5.10938,
		91.3438,
		5.32812,
		91.5469,
		5.53125,
		91.75,
		5.73438,
		91.9531,
		5.9375,
		92.1719,
		6.14062,
		92.375,
		6.34375,
		92.5781,
		6.54688,
		92.7812,
		6.75,
		92.9844,
		6.95312	],
	"ImageOrientationPatientDICOM": [
		1,
		-2.05103e-10,
		0,
		2.05103e-10,
		1,
		0	],
	"ImageOrientationText": "Tra",
	"InPlanePhaseEncodingDirectionDICOM": "ROW",
	"ConversionSoftware": "dcm2niix",
	"ConversionSoftwareVersion": "v1.0.20230411"
}
