{
	"Modality": "MR",
	"MagneticFieldStrength": 3,
	"ImagingFrequency": 123.256702,
	"Manufacturer": "Siemens",
	"ManufacturersModelName": "TrioTim",
	"DeviceSerialNumber": "35045",
	"PatientPosition": "HFS",
	"SoftwareVersions": "syngo MR B15",
	"MRAcquisitionType": "2D",
	"SeriesDescription": "act_ep2d_bold_functional_con",
	"ProtocolName": "act_ep2d_bold_functional_con",
	"ScanningSequence": "EP",
	"SequenceVariant": "SK",
	"ScanOptions": "FS",
	"SequenceName": "*epfid2d1_64",
	"ImageType": ["ORIGINAL", "PRIMARY", "M", "ND", "NORM", "MOSAIC"],
	"NonlinearGradientCorrection": false,
	"SeriesNumber": 10,
	"AcquisitionTime": "17:30:18.367500",
	"AcquisitionNumber": 1,
	"SliceThickness": 4,
	"SpacingBetweenSlices": 4,
	"SAR": 0.138482,
	"EchoTime": 0.025,
	"RepetitionTime": 2.07,
	"FlipAngle": 90,
	"PartialFourier": 1,
	"BaseResolution": 64,
	"ShimSetting": [
		-6011,
		-29400,
		-3601,
		659,
		90,
		163,
		-102,
		-104	],
	"TxRefAmp": 270.986,
	"PhaseResolution": 1,
	"ReceiveCoilName": "HeadMatrix",
	"CoilString": "t:HEA;HEP",
	"PulseSequenceDetails": "%SiemensSeq%\\ep2d_bold",
	"CoilCombinationMethod": "Sum of Squares",
	"MatrixCoilMode": "SENSE",
	"PercentPhaseFOV": 100,
	"PercentSampling": 100,
	"PhaseEncodingSteps": 64,
	"AcquisitionMatrixPE": 64,
	"ReconMatrixPE": 64,
	"BandwidthPerPixelPhaseEncode": 34.722,
	"EffectiveEchoSpacing": 0.000450003,
	"DerivedVendorReportedEchoSpacing": 0.000450003,
	"TotalReadoutTime": 0.0283502,
	"PixelBandwidth": 2605,
	"DwellTime": 3e-06,
	"PhaseEncodingDirection": "j-",
	"SliceTiming": [
		1.04,
		0,
		1.0975,
		0.0575,
		1.155,
		0.1175,
		1.2125,
		0.175,
		1.27,
		0.2325,
		1.3275,
		0.29,
		1.3875,
		0.3475,
		1.445,
		0.405,
		1.5025,
		0.4625,
		1.56,
		0.52,
		1.6175,
		0.5775,
		1.675,
		0.635,
		1.7325,
		0.6925,
		1.79,
		0.7525,
		1.8475,
		0.81,
		1.905,
		0.8675,
		1.9625,
		0.925,
		2.02,
		0.9825	],
	"ImageOrientationPatientDICOM": [
		0.999048,
		0,
		-0.0436194,
		0,
		1,
		0	],
	"ImageOrientationText": "Tra>Sag(-2.5)",
	"InPlanePhaseEncodingDirectionDICOM": "COL",
	"ConversionSoftware": "dcm2niix",
	"ConversionSoftwareVersion": "v1.0.20230411"
}
